GEM
  remote: https://rubygems.org/
  specs:
    citrus (3.0.2)

PLATFORMS
  x86_64-darwin-20

DEPENDENCIES
  citrus

RUBY VERSION
   ruby 3.0.2p107

BUNDLED WITH
   2.2.22
